GEM
  remote: http://rubygems.org/
  specs:
    active_attr (0.6.0)
      activemodel (>= 3.0.2, < 4.1)
      activesupport (>= 3.0.2, < 4.1)
    activemodel (3.2.6)
      activesupport (= 3.2.6)
      builder (~> 3.0.0)
    activesupport (3.2.6)
      i18n (~> 0.6)
      multi_json (~> 1.0)
    akami (1.2.0)
      gyoku (>= 0.4.0)
      nokogiri (>= 1.4.0)
    builder (3.0.0)
    diff-lcs (1.1.3)
    git (1.2.5)
    gyoku (0.4.6)
      builder (>= 2.1.2)
    httpi (1.1.1)
      rack
    i18n (0.6.0)
    jeweler (1.8.3)
      bundler (~> 1.0)
      git (>= 1.2.5)
      rake
      rdoc
    json (1.7.3)
    multi_json (1.3.6)
    nokogiri (1.5.5)
    nori (1.1.3)
    rack (1.4.1)
    rake (0.9.2.2)
    rdoc (3.12)
      json (~> 1.4)
    require_all (1.2.1)
    rspec (2.11.0)
      rspec-core (~> 2.11.0)
      rspec-expectations (~> 2.11.0)
      rspec-mocks (~> 2.11.0)
    rspec-core (2.11.1)
    rspec-expectations (2.11.3)
      diff-lcs (~> 1.1.3)
    rspec-mocks (2.11.3)
    savon (1.2.0)
      akami (~> 1.2.0)
      builder (>= 2.1.2)
      gyoku (~> 0.4.5)
      httpi (~> 1.1.0)
      nokogiri (>= 1.4.0)
      nori (~> 1.1.0)
      wasabi (~> 2.5.0)
    savon_spec (1.3.0)
      rspec (>= 2.0.0)
      savon (~> 1.0)
    shoulda (3.3.1)
      shoulda-context (~> 1.0)
      shoulda-matchers (~> 1.4.1)
    shoulda-context (1.0.1)
    shoulda-matchers (1.4.1)
      activesupport (>= 3.0.0)
    wasabi (2.5.1)
      httpi (~> 1.0)
      nokogiri (>= 1.4.0)

PLATFORMS
  ruby

DEPENDENCIES
  active_attr
  activemodel (>= 3.0.0)
  activesupport (>= 3.0.0)
  bundler (~> 1.1)
  jeweler (~> 1.8.3)
  rdoc (~> 3.12)
  require_all (>= 1.2)
  savon
  savon_spec
  shoulda
